GIT
  remote: git://github.com/ctran/annotate_models.git
  revision: cfeec96c9ca0fa5035b10be3d73e798cc4fc52f7
  specs:
    annotate (2.4.1.beta1)

GIT
  remote: git://github.com/ernie/meta_search.git
  revision: 34a574f9b6d602169cff6d551293256bc0debc65
  specs:
    meta_search (1.1.1)
      actionpack (~> 3.1.0)
      activerecord (~> 3.1.0)
      activesupport (~> 3.1.0)
      polyamorous (~> 0.5.0)

GIT
  remote: git://github.com/plataformatec/devise.git
  revision: d448e7d841d578045d8d5bf2a1184119ce77a359
  specs:
    devise (1.5.0.dev)
      bcrypt-ruby (~> 3.0)
      orm_adapter (~> 0.0.3)
      warden (~> 1.0.3)

GIT
  remote: git://github.com/tyraeltong/delayed_job
  revision: b4dec98dbaf085fcf226adb0cff442e4453f9025
  branch: v2.1
  specs:
    delayed_job (2.1.4)
      activesupport (~> 3.0)
      daemons

GEM
  remote: http://rubygems.org/
  specs:
    actionmailer (3.1.0)
      actionpack (= 3.1.0)
      mail (~> 2.3.0)
    actionpack (3.1.0)
      activemodel (= 3.1.0)
      activesupport (= 3.1.0)
      builder (~> 3.0.0)
      erubis (~> 2.7.0)
      i18n (~> 0.6)
      rack (~> 1.3.2)
      rack-cache (~> 1.0.3)
      rack-mount (~> 0.8.2)
      rack-test (~> 0.6.1)
      sprockets (~> 2.0.0)
    activemodel (3.1.0)
      activesupport (= 3.1.0)
      bcrypt-ruby (~> 3.0.0)
      builder (~> 3.0.0)
      i18n (~> 0.6)
    activerecord (3.1.0)
      activemodel (= 3.1.0)
      activesupport (= 3.1.0)
      arel (~> 2.2.1)
      tzinfo (~> 0.3.29)
    activeresource (3.1.0)
      activemodel (= 3.1.0)
      activesupport (= 3.1.0)
    activesupport (3.1.0)
      multi_json (~> 1.0)
    acts_as_audited (2.0.0)
      rails (>= 3.0.3)
    ansi (1.3.0)
    arel (2.2.1)
    bcrypt-ruby (3.0.1)
    bson (1.4.0)
    bson_ext (1.4.0)
    builder (3.0.0)
    bullet (2.0.1)
      uniform_notifier (~> 1.0.0)
    cancan (1.6.5)
    carrot (0.8.1)
    chronic_duration (0.9.6)
      numerizer (~> 0.1.1)
    cocaine (0.2.0)
    coderay (0.9.8)
    coffee-rails (3.1.1)
      coffee-script (>= 2.2.0)
      railties (~> 3.1.0)
    coffee-script (2.2.0)
      coffee-script-source
      execjs
    coffee-script-source (1.1.2)
    daemons (1.1.4)
    diff-lcs (1.1.3)
    erubis (2.7.0)
    eventmachine (0.12.10)
    execjs (1.2.9)
      multi_json (~> 1.0)
    factory_girl (2.0.1)
    factory_girl_rails (1.1.0)
      factory_girl (~> 2.0.0)
      railties (>= 3.0.0)
    foreigner (1.0.3)
      activerecord (>= 3.0.0)
    haml (3.1.2)
    haml-rails (0.3.4)
      actionpack (~> 3.0)
      activesupport (~> 3.0)
      haml (~> 3.0)
      railties (~> 3.0)
    has_scope (0.5.1)
    hike (1.2.1)
    hirb (0.4.5)
    hpricot (0.8.4)
    i18n (0.6.0)
    inherited_resources (1.2.2)
      has_scope (~> 0.5.0)
      responders (~> 0.6.0)
    jquery-rails (1.0.16)
      railties (~> 3.0)
      thor (~> 0.14)
    json (1.6.1)
    kaminari (0.12.4)
      rails (>= 3.0.0)
    libv8 (3.3.10.2)
    mail (2.3.0)
      i18n (>= 0.4.0)
      mime-types (~> 1.16)
      treetop (~> 1.4.8)
    memcache-client (1.8.5)
    method_source (0.6.6)
      ruby_parser (~> 2.0.5)
    mime-types (1.17.2)
    mongo (1.4.0)
      bson (= 1.4.0)
    mongoid (2.3.3)
      activemodel (~> 3.1)
      mongo (~> 1.3)
      tzinfo (~> 0.3.22)
    multi_json (1.0.3)
    mysql2 (0.3.7)
    net-ftp-list (3.2.0)
    numerizer (0.1.1)
    orm_adapter (0.0.5)
    paperclip (2.3.15)
      activerecord (>= 2.3.0)
      activesupport (>= 2.3.2)
      cocaine (>= 0.0.2)
      mime-types
    polyamorous (0.5.0)
      activerecord (~> 3.0)
    polyglot (0.3.3)
    pry (0.9.6.2)
      coderay (~> 0.9.8)
      method_source (~> 0.6.5)
      ruby_parser (~> 2.0.5)
      slop (~> 2.1.0)
    rack (1.3.5)
    rack-cache (1.0.3)
      rack (>= 0.4)
    rack-mount (0.8.3)
      rack (>= 1.0.0)
    rack-ssl (1.3.2)
      rack
    rack-test (0.6.1)
      rack (>= 1.0)
    rails (3.1.0)
      actionmailer (= 3.1.0)
      actionpack (= 3.1.0)
      activerecord (= 3.1.0)
      activeresource (= 3.1.0)
      activesupport (= 3.1.0)
      bundler (~> 1.0)
      railties (= 3.1.0)
    rails3-generators (0.17.4)
      railties (>= 3.0.0)
    railties (3.1.0)
      actionpack (= 3.1.0)
      activesupport (= 3.1.0)
      rack-ssl (~> 1.3.2)
      rake (>= 0.8.7)
      rdoc (~> 3.4)
      thor (~> 0.14.6)
    rake (0.9.2.2)
    rdoc (3.11)
      json (~> 1.4)
    responders (0.6.4)
    rest-client (1.6.3)
      mime-types (>= 1.16)
    rspec (2.6.0)
      rspec-core (~> 2.6.0)
      rspec-expectations (~> 2.6.0)
      rspec-mocks (~> 2.6.0)
    rspec-core (2.6.4)
    rspec-expectations (2.6.0)
      diff-lcs (~> 1.1.2)
    rspec-mocks (2.6.0)
    rspec-rails (2.6.1)
      actionpack (~> 3.0)
      activesupport (~> 3.0)
      railties (~> 3.0)
      rspec (~> 2.6.0)
    ruby-prof (0.10.8)
    ruby_parser (2.0.6)
      sexp_processor (~> 3.0)
    sass (3.1.10)
    sass-rails (3.1.4)
      actionpack (~> 3.1.0)
      railties (~> 3.1.0)
      sass (>= 3.1.4)
      sprockets (~> 2.0.0)
      tilt (~> 1.3.2)
    sexp_processor (3.0.7)
    slop (2.1.0)
    sprockets (2.0.3)
      hike (~> 1.2)
      rack (~> 1.0)
      tilt (~> 1.1, != 1.3.0)
    sqlite3 (1.3.4)
    sqlite3-ruby (1.3.3)
      sqlite3 (>= 1.3.3)
    test-unit (2.3.0)
    therubyracer (0.9.8)
      libv8 (~> 3.3.10)
    thor (0.14.6)
    tilt (1.3.3)
    treetop (1.4.10)
      polyglot
      polyglot (>= 0.3.1)
    turn (0.8.3)
      ansi
    tzinfo (0.3.30)
    uglifier (1.0.4)
      execjs (>= 0.3.0)
      multi_json (>= 1.0.2)
    uniform_notifier (1.0.1)
    warden (1.0.6)
      rack (>= 1.0)
    wicked_pdf (0.7.2)

PLATFORMS
  ruby

DEPENDENCIES
  acts_as_audited (= 2.0.0)
  annotate!
  bson_ext (~> 1.3)
  bullet (= 2.0.1)
  cancan (= 1.6.5)
  carrot (= 0.8.1)
  chronic_duration
  coffee-rails (~> 3.1.0)
  delayed_job!
  devise!
  eventmachine (= 0.12.10)
  factory_girl (= 2.0.1)
  factory_girl_rails (= 1.1.0)
  foreigner (= 1.0.3)
  haml (= 3.1.2)
  haml-rails (= 0.3.4)
  hirb (= 0.4.5)
  hpricot (= 0.8.4)
  inherited_resources (= 1.2.2)
  jquery-rails
  kaminari
  memcache-client (= 1.8.5)
  meta_search!
  mongoid (~> 2.2)
  mysql2 (~> 0.3)
  net-ftp-list
  paperclip (= 2.3.15)
  pry
  rails (= 3.1.0)
  rails3-generators (= 0.17.4)
  rest-client (= 1.6.3)
  rspec-rails (= 2.6.1)
  ruby-prof (= 0.10.8)
  ruby_parser (= 2.0.6)
  sass-rails (~> 3.1.0)
  sqlite3 (= 1.3.4)
  sqlite3-ruby
  test-unit (= 2.3.0)
  therubyracer
  turn
  uglifier
  wicked_pdf (= 0.7.2)
